GEM
  remote: http://rubygems.org/
  specs:
    activesupport (4.1.6)
      i18n (~> 0.6, >= 0.6.9)
      json (~> 1.7, >= 1.7.7)
      minitest (~> 5.1)
      thread_safe (~> 0.1)
      tzinfo (~> 1.1)
    aws-sdk (2.0.33)
      aws-sdk-resources (= 2.0.33)
    aws-sdk-core (2.0.33)
      builder (~> 3.0)
      jmespath (~> 1.0)
      multi_json (~> 1.0)
      multi_xml (~> 0.5)
    aws-sdk-resources (2.0.33)
      aws-sdk-core (= 2.0.33)
    builder (3.2.2)
    diff-lcs (1.2.5)
    i18n (0.6.11)
    jmespath (1.0.2)
      multi_json (~> 1.0)
    json (1.8.1)
    minitest (5.4.2)
    multi_json (1.11.0)
    multi_xml (0.5.5)
    rspec (3.2.0)
      rspec-core (~> 3.2.0)
      rspec-expectations (~> 3.2.0)
      rspec-mocks (~> 3.2.0)
    rspec-core (3.2.2)
      rspec-support (~> 3.2.0)
    rspec-expectations (3.2.0)
      diff-lcs (>= 1.2.0, < 2.0)
      rspec-support (~> 3.2.0)
    rspec-mocks (3.2.1)
      diff-lcs (>= 1.2.0, < 2.0)
      rspec-support (~> 3.2.0)
    rspec-support (3.2.2)
    spork (0.9.2)
    thread_safe (0.3.4)
    tzinfo (1.2.2)
      thread_safe (~> 0.1)

PLATFORMS
  ruby

DEPENDENCIES
  activesupport (~> 4.1.1)
  aws-sdk (~> 2.0.33)
  rspec (~> 3.2.0)
  spork (~> 0.9.2)
